PATH
  remote: .
  specs:
    taggl (0.1.0)

GEM
  remote: https://rubygems.org/
  specs:
    byebug (11.1.3)
    coderay (1.1.3)
    method_source (1.0.0)
    pastel (0.8.0)
      tty-color (~> 0.5)
    pry (0.14.1)
      coderay (~> 1.1)
      method_source (~> 1.0)
    pry-byebug (3.10.1)
      byebug (~> 11.0)
      pry (>= 0.13, < 0.15)
    rake (13.0.6)
    strings (0.2.1)
      strings-ansi (~> 0.2)
      unicode-display_width (>= 1.5, < 3.0)
      unicode_utils (~> 1.4)
    strings-ansi (0.2.0)
    test_bench (1.2.0.9)
      test_bench-fixture (>= 1.0.0.0)
    test_bench-fixture (1.4.0.2)
    tty-color (0.6.0)
    tty-screen (0.8.1)
    tty-table (0.12.0)
      pastel (~> 0.8)
      strings (~> 0.2.0)
      tty-screen (~> 0.8)
    unicode-display_width (2.3.0)
    unicode_utils (1.4.0)

PLATFORMS
  x86_64-linux

DEPENDENCIES
  pry-byebug
  rake
  taggl!
  test_bench
  tty-table

BUNDLED WITH
   2.3.22
