PATH
  remote: .
  specs:
    taggl (0.1.0)

GEM
  remote: https://rubygems.org/
  specs:
    byebug (11.1.3)
    coderay (1.1.3)
    method_source (1.0.0)
    pry (0.14.1)
      coderay (~> 1.1)
      method_source (~> 1.0)
    pry-byebug (3.10.1)
      byebug (~> 11.0)
      pry (>= 0.13, < 0.15)
    rake (13.0.6)
    test_bench (1.2.0.9)
      test_bench-fixture (>= 1.0.0.0)
    test_bench-fixture (1.4.0.2)

PLATFORMS
  x86_64-linux

DEPENDENCIES
  pry-byebug
  rake
  taggl!
  test_bench

BUNDLED WITH
   2.3.22
